GEM
  remote: https://rubygems.org/
  specs:
    RubyInline (3.11.3)
      ZenTest (~> 4.3)
    ZenTest (4.8.2)
    fastimage (1.2.13)
    fastimage_resize (2.0.3)
      RubyInline (>= 3.8.2)
      fastimage (>= 1.2.9)
    rack (1.4.1)
    rack-protection (1.2.0)
      rack
    sinatra (1.3.3)
      rack (~> 1.3, >= 1.3.6)
      rack-protection (~> 1.2)
      tilt (~> 1.3, >= 1.3.3)
    tilt (1.3.3)

PLATFORMS
  ruby

DEPENDENCIES
  fastimage_resize
  sinatra
